GEM
  remote: https://rubygems.org/
  specs:
    sass (3.3.14)
    slim (2.0.3)
      temple (~> 0.6.6)
      tilt (>= 1.3.3, < 2.1)
    temple (0.6.8)
    tilt (1.4.1)

PLATFORMS
  ruby

DEPENDENCIES
  sass
  slim
